GEM
  remote: https://rubygems.org/
  specs:
    actionmailer (3.2.13)
      actionpack (= 3.2.13)
      mail (~> 2.5.3)
    actionpack (3.2.13)
      activemodel (= 3.2.13)
      activesupport (= 3.2.13)
      builder (~> 3.0.0)
      erubis (~> 2.7.0)
      journey (~> 1.0.4)
      rack (~> 1.4.5)
      rack-cache (~> 1.2)
      rack-test (~> 0.6.1)
      sprockets (~> 2.2.1)
    activemodel (3.2.13)
      activesupport (= 3.2.13)
      builder (~> 3.0.0)
    activerecord (3.2.13)
      activemodel (= 3.2.13)
      activesupport (= 3.2.13)
      arel (~> 3.0.2)
      tzinfo (~> 0.3.29)
    activeresource (3.2.13)
      activemodel (= 3.2.13)
      activesupport (= 3.2.13)
    activesupport (3.2.13)
      i18n (= 0.6.1)
      multi_json (~> 1.0)
    addressable (2.3.4)
    arel (3.0.2)
    arrayfields (4.7.4)
    awesome_print (1.1.0)
    bluff (0.1.0)
    builder (3.0.4)
    cane (2.5.2)
      parallel
    capybara (2.1.0)
      mime-types (>= 1.16)
      nokogiri (>= 1.3.3)
      rack (>= 1.0.0)
      rack-test (>= 0.5.4)
      xpath (~> 2.0)
    chronic (0.9.1)
    churn (0.0.28)
      chronic (>= 0.2.3)
      hirb
      json_pure
      main
      ruby_parser (~> 3.0)
      sexp_processor (~> 4.1)
    code_analyzer (0.3.1)
      sexp_processor
    coderay (1.0.9)
    coffee-rails (3.2.2)
      coffee-script (>= 2.2.0)
      railties (~> 3.2.0)
    coffee-script (2.2.0)
      coffee-script-source
      execjs
    coffee-script-source (1.6.2)
    colored (1.2)
    columnize (0.3.6)
    cucumber (1.3.1)
      builder (>= 2.1.2)
      diff-lcs (>= 1.1.3)
      gherkin (~> 2.12.0)
      multi_json (~> 1.3)
    cucumber-rails (1.3.1)
      capybara (>= 1.1.2)
      cucumber (>= 1.2.0)
      nokogiri (>= 1.5.0)
      rails (~> 3.0)
    cucumber-rails-training-wheels (1.0.0)
      cucumber-rails (>= 1.1.1)
    database_cleaner (1.0.1)
    debugger (1.6.0)
      columnize (>= 0.3.1)
      debugger-linecache (~> 1.2.0)
      debugger-ruby_core_source (~> 1.2.1)
    debugger-linecache (1.2.0)
    debugger-ruby_core_source (1.2.2)
    diff-lcs (1.2.4)
    erubis (2.7.0)
    execjs (1.4.0)
      multi_json (~> 1.0)
    fattr (2.2.1)
    flay (2.0.1)
      ruby_parser (~> 3.0)
      sexp_processor (~> 4.0)
    flog (3.2.2)
      ruby_parser (~> 3.1, > 3.1.0)
      sexp_processor (~> 4.0)
    gherkin (2.12.0)
      multi_json (~> 1.3)
    haml (4.0.2)
      tilt
    hike (1.2.2)
    hirb (0.7.1)
    i18n (0.6.1)
    japgolly-Saikuro (1.1.1.0)
    journey (1.0.4)
    jquery-rails (2.2.1)
      railties (>= 3.0, < 5.0)
      thor (>= 0.14, < 2.0)
    json (1.8.0)
    json_pure (1.8.0)
    launchy (2.3.0)
      addressable (~> 2.3)
    libv8 (3.11.8.17)
    mail (2.5.4)
      mime-types (~> 1.16)
      treetop (~> 1.4.8)
    main (5.2.0)
      arrayfields (>= 4.7.4)
      chronic (>= 0.6.2)
      fattr (>= 2.2.0)
      map (>= 5.1.0)
    map (6.2.0)
    metric_fu (4.1.3)
      arrayfields (= 4.7.4)
      bluff
      cane (= 2.5.2)
      churn (= 0.0.28)
      coderay
      fattr (= 2.2.1)
      flay (= 2.0.1)
      flog (= 3.2.2)
      japgolly-Saikuro (>= 1.1.1.0)
      map (= 6.2.0)
      metric_fu-roodi (>= 2.2.1)
      parallel (= 0.6.2)
      rails_best_practices (= 1.13.2)
      redcard
      reek (= 1.3.1)
      ruby2ruby (= 2.0.2)
      ruby_parser (~> 3.0, >= 3.1.1)
      sexp_processor (~> 4.0)
    metric_fu-roodi (2.2.1)
      ruby_parser
    mime-types (1.23)
    multi_json (1.7.3)
    nokogiri (1.5.9)
    parallel (0.6.2)
    pg (0.15.1)
    polyglot (0.3.3)
    progressbar (0.20.0)
    rack (1.4.5)
    rack-cache (1.2)
      rack (>= 0.4)
    rack-ssl (1.3.3)
      rack
    rack-test (0.6.2)
      rack (>= 1.0)
    rails (3.2.13)
      actionmailer (= 3.2.13)
      actionpack (= 3.2.13)
      activerecord (= 3.2.13)
      activeresource (= 3.2.13)
      activesupport (= 3.2.13)
      bundler (~> 1.0)
      railties (= 3.2.13)
    rails_best_practices (1.13.2)
      activesupport
      awesome_print
      code_analyzer
      colored
      erubis
      i18n
      progressbar
    railties (3.2.13)
      actionpack (= 3.2.13)
      activesupport (= 3.2.13)
      rack-ssl (~> 1.3.2)
      rake (>= 0.8.7)
      rdoc (~> 3.4)
      thor (>= 0.14.6, < 2.0)
    rake (10.0.4)
    rdoc (3.12.2)
      json (~> 1.4)
    redcard (1.1.0)
    reek (1.3.1)
      ruby2ruby (~> 2.0.2)
      ruby_parser (~> 3.1.1)
      sexp_processor
    ref (1.0.4)
    rspec-core (2.13.1)
    rspec-expectations (2.13.0)
      diff-lcs (>= 1.1.3, < 2.0)
    rspec-mocks (2.13.1)
    rspec-rails (2.13.1)
      actionpack (>= 3.0)
      activesupport (>= 3.0)
      railties (>= 3.0)
      rspec-core (~> 2.13.0)
      rspec-expectations (~> 2.13.0)
      rspec-mocks (~> 2.13.0)
    ruby2ruby (2.0.2)
      ruby_parser (~> 3.1)
      sexp_processor (~> 4.0)
    ruby_parser (3.1.3)
      sexp_processor (~> 4.1)
    sass (3.2.9)
    sass-rails (3.2.6)
      railties (~> 3.2.0)
      sass (>= 3.1.10)
      tilt (~> 1.3)
    sexp_processor (4.2.1)
    simplecov (0.7.1)
      multi_json (~> 1.0)
      simplecov-html (~> 0.7.1)
    simplecov-html (0.7.1)
    sprockets (2.2.2)
      hike (~> 1.2)
      multi_json (~> 1.0)
      rack (~> 1.0)
      tilt (~> 1.1, != 1.3.0)
    therubyracer (0.11.4)
      libv8 (~> 3.11.8.12)
      ref
    thor (0.18.1)
    tilt (1.4.1)
    treetop (1.4.12)
      polyglot
      polyglot (>= 0.3.1)
    tzinfo (0.3.37)
    uglifier (2.1.1)
      execjs (>= 0.3.0)
      multi_json (~> 1.0, >= 1.0.2)
    xpath (2.0.0)
      nokogiri (~> 1.3)

PLATFORMS
  ruby

DEPENDENCIES
  capybara
  coffee-rails (~> 3.2.1)
  cucumber-rails
  cucumber-rails-training-wheels
  database_cleaner
  debugger
  haml
  jquery-rails
  launchy
  metric_fu (~> 4.1.3)
  pg
  rails (= 3.2.13)
  rspec-rails
  sass-rails (~> 3.2.3)
  simplecov
  therubyracer
  uglifier (>= 1.0.3)
